PATH
  remote: .
  specs:
    osgeo-termbase (0.0.1)
      relaton (~> 0.5)

GEM
  remote: https://rubygems.org/
  specs:
    addressable (2.7.0)
      public_suffix (>= 2.0.2, < 5.0)
    cnccs (0.1.5)
    debase (0.2.4.1)
      debase-ruby_core_source (>= 0.10.2)
    debase-ruby_core_source (0.10.6)
    diff-lcs (1.3)
    faraday (0.17.0)
      multipart-post (>= 1.2, < 3)
    gb-agencies (0.0.6)
    isoics (0.1.8)
    mini_portile2 (2.4.0)
    multipart-post (2.1.1)
    nokogiri (1.10.4)
      mini_portile2 (~> 2.4.0)
    public_suffix (4.0.1)
    rake (10.5.0)
    relaton (0.5.9)
      relaton-gb (~> 0.6.0)
      relaton-iec (~> 0.4.0)
      relaton-ietf (~> 0.6.0)
      relaton-iso (~> 0.6.0)
      relaton-itu (~> 0.3.0)
      relaton-nist (~> 0.3.0)
      relaton-ogc (~> 0.1.0)
    relaton-bib (0.3.11)
      addressable
      nokogiri
    relaton-gb (0.6.6)
      cnccs (~> 0.1.1)
      gb-agencies (~> 0.0.1)
      relaton-iso-bib (~> 0.3.0)
    relaton-iec (0.4.9)
      addressable
      relaton-iso-bib (~> 0.3.0)
    relaton-ietf (0.6.7)
      relaton-bib (~> 0.3.0)
    relaton-iso (0.6.8)
      relaton-iec (~> 0.4.0)
      relaton-iso-bib (~> 0.3.0)
    relaton-iso-bib (0.3.11)
      isoics (~> 0.1.6)
      relaton-bib (~> 0.3.0)
      ruby_deep_clone (~> 0.8.0)
    relaton-itu (0.3.6)
      relaton-iso-bib (~> 0.3.0)
    relaton-nist (0.3.7)
      relaton-bib (~> 0.3.0)
      rubyzip
    relaton-ogc (0.1.3)
      faraday
      relaton-iso-bib (~> 0.3.0)
    rspec (3.9.0)
      rspec-core (~> 3.9.0)
      rspec-expectations (~> 3.9.0)
      rspec-mocks (~> 3.9.0)
    rspec-core (3.9.0)
      rspec-support (~> 3.9.0)
    rspec-expectations (3.9.0)
      diff-lcs (>= 1.2.0, < 2.0)
      rspec-support (~> 3.9.0)
    rspec-mocks (3.9.0)
      diff-lcs (>= 1.2.0, < 2.0)
      rspec-support (~> 3.9.0)
    rspec-support (3.9.0)
    ruby-debug-ide (0.7.0)
      rake (>= 0.8.1)
    ruby_deep_clone (0.8.0)
    rubyzip (2.0.0)
    tsv (1.0.0)

PLATFORMS
  ruby

DEPENDENCIES
  bundler (~> 2.0.1)
  debase
  osgeo-termbase!
  rake (~> 10.0)
  rspec (~> 3.0)
  ruby-debug-ide
  tsv

BUNDLED WITH
   2.0.2
